PATH
  remote: .
  specs:
    string_dot_gradient (0.1.5)

GEM
  remote: https://rubygems.org/
  specs:
    io-console (0.5.6)
    irb (1.3.0)
      reline (>= 0.1.5)
    rake (13.0.3)
    reline (0.2.0)
      io-console (~> 0.5)

PLATFORMS
  ruby

DEPENDENCIES
  irb
  rake (~> 13.0)
  string_dot_gradient!

BUNDLED WITH
   2.1.4
